GEM
  remote: https://rubygems.org/
  specs:
    addressable (2.5.2)
      public_suffix (>= 2.0.2, < 4.0)
    coffee-script (2.4.1)
      coffee-script-source
      execjs
    coffee-script-source (1.11.1)
    colorator (1.1.0)
    concurrent-ruby (1.1.3)
    em-websocket (0.5.1)
      eventmachine (>= 0.12.9)
      http_parser.rb (~> 0.6.0)
    eventmachine (1.2.7)
    execjs (2.7.0)
    extras (0.3.0)
      forwardable-extended (~> 2.5)
    fastimage (2.1.5)
    ffi (1.9.25)
    forwardable-extended (2.6.0)
    http_parser.rb (0.6.0)
    i18n (0.9.5)
      concurrent-ruby (~> 1.0)
    jekyll (3.8.5)
      addressable (~> 2.4)
      colorator (~> 1.0)
      em-websocket (~> 0.5)
      i18n (~> 0.7)
      jekyll-sass-converter (~> 1.0)
      jekyll-watch (~> 2.0)
      kramdown (~> 1.14)
      liquid (~> 4.0)
      mercenary (~> 0.3.3)
      pathutil (~> 0.9)
      rouge (>= 1.7, < 4)
      safe_yaml (~> 1.0)
    jekyll-assets (2.4.0)
      concurrent-ruby (~> 1.0)
      extras (~> 0.2)
      fastimage (~> 2.0, >= 1.8)
      jekyll (~> 3.1, >= 3.0)
      pathutil (>= 0.8)
      rack (~> 1.6)
      sprockets (~> 3.3, < 3.8)
    jekyll-coffeescript (1.1.1)
      coffee-script (~> 2.2)
      coffee-script-source (~> 1.11.1)
    jekyll-feed (0.11.0)
      jekyll (~> 3.3)
    jekyll-sass-converter (1.5.2)
      sass (~> 3.4)
    jekyll-theme-cayman (0.0.4)
      jekyll (~> 3.3)
    jekyll-theme-dinky (0.0.4)
      jekyll (~> 3.3)
    jekyll-theme-hacker (0.0.4)
      jekyll (~> 3.3)
    jekyll-theme-leap-day (0.0.4)
      jekyll (~> 3.3)
    jekyll-theme-midnight (0.0.4)
      jekyll (~> 3.3)
    jekyll-theme-minimal (0.0.4)
      jekyll (~> 3.3)
    jekyll-theme-modernist (0.0.4)
      jekyll (~> 3.3)
    jekyll-theme-slate (0.0.4)
      jekyll (~> 3.3)
    jekyll-theme-tactile (0.0.4)
      jekyll (~> 3.3)
    jekyll-theme-time-machine (0.0.4)
      jekyll (~> 3.3)
    jekyll-watch (2.1.2)
      listen (~> 3.0)
    kramdown (1.17.0)
    liquid (4.0.1)
    listen (3.1.5)
      rb-fsevent (~> 0.9, >= 0.9.4)
      rb-inotify (~> 0.9, >= 0.9.7)
      ruby_dep (~> 1.2)
    mercenary (0.3.6)
    pathutil (0.16.2)
      forwardable-extended (~> 2.6)
    public_suffix (3.0.3)
    rack (1.6.11)
    rb-fsevent (0.10.3)
    rb-inotify (0.9.10)
      ffi (>= 0.5.0, < 2)
    rouge (3.3.0)
    ruby_dep (1.5.0)
    safe_yaml (1.0.4)
    sass (3.7.2)
      sass-listen (~> 4.0.0)
    sass-listen (4.0.0)
      rb-fsevent (~> 0.9, >= 0.9.4)
      rb-inotify (~> 0.9, >= 0.9.7)
    sprockets (3.7.2)
      concurrent-ruby (~> 1.0)
      rack (> 1, < 3)
    uglifier (4.1.20)
      execjs (>= 0.3.0, < 3)
    wdm (0.1.1)

PLATFORMS
  ruby

DEPENDENCIES
  coffee-script
  jekyll (>= 3.6.3)
  jekyll-assets
  jekyll-coffeescript
  jekyll-feed (~> 0.6)
  jekyll-theme-cayman (= 0.0.4)
  jekyll-theme-dinky (= 0.0.4)
  jekyll-theme-hacker (= 0.0.4)
  jekyll-theme-leap-day (= 0.0.4)
  jekyll-theme-midnight (= 0.0.4)
  jekyll-theme-minimal (= 0.0.4)
  jekyll-theme-modernist (= 0.0.4)
  jekyll-theme-slate (= 0.0.4)
  jekyll-theme-tactile (= 0.0.4)
  jekyll-theme-time-machine (= 0.0.4)
  sass
  tzinfo-data
  uglifier
  wdm (~> 0.1.0)

RUBY VERSION
   ruby 2.5.3p105

BUNDLED WITH
   1.17.1
